GEM
  remote: https://rubygems.org/
  specs:
    coderay (1.1.0)
    execjs (2.0.2)
    method_source (0.8.2)
    mini_portile (0.5.3)
    nokogiri (1.6.1)
      mini_portile (~> 0.5.0)
    plist (3.1.0)
    pry (0.9.12.6)
      coderay (~> 1.0)
      method_source (~> 0.8)
      slop (~> 3.4)
    rake (10.1.0)
    slop (3.5.0)
    sqlite3 (1.3.9)

PLATFORMS
  ruby

DEPENDENCIES
  execjs
  nokogiri
  plist
  pry
  rake
  sqlite3
